PATH
  remote: .
  specs:
    chicanery (0.1.2)
      nokogiri (~> 1)

GEM
  remote: https://rubygems.org/
  specs:
    diff-lcs (1.2.1)
    fakeweb (1.3.0)
    multi_json (1.6.1)
    nokogiri (1.5.6)
    rake (0.9.6)
    rspec (2.13.0)
      rspec-core (~> 2.13.0)
      rspec-expectations (~> 2.13.0)
      rspec-mocks (~> 2.13.0)
    rspec-core (2.13.0)
    rspec-expectations (2.13.0)
      diff-lcs (>= 1.1.3, < 2.0)
    rspec-mocks (2.13.0)
    simplecov (0.7.1)
      multi_json (~> 1.0)
      simplecov-html (~> 0.7.1)
    simplecov-gem-adapter (1.0.1)
      simplecov
    simplecov-html (0.7.1)
    vcr (2.4.0)

PLATFORMS
  ruby

DEPENDENCIES
  chicanery!
  fakeweb
  rake (~> 0)
  rspec (~> 2)
  simplecov
  simplecov-gem-adapter
  vcr
